PATH
  remote: /Users/ash/src/personal/hilander/tmp/percheron
  specs:
    percheron (0.8.0.pre.dev)
      clamp (~> 1.0)
      docker-api (~> 1.20)
      hashie (~> 3.2)
      highline (~> 1.7.1)
      liquid (~> 3.0)
      metastore (~> 0.3)
      naught (~> 1.0)
      ruby-graphviz (~> 1.2)
      semantic (~> 1.4)
      terminal-table (~> 1.4)

GEM
  remote: https://rubygems.org/
  specs:
    byebug (4.0.5)
      columnize (= 0.9.0)
    clamp (1.0.0)
    coderay (1.1.0)
    columnize (0.9.0)
    docker-api (1.21.4)
      excon (>= 0.38.0)
      json
    excon (0.45.3)
    hashie (3.4.2)
    highline (1.7.2)
    json (1.8.3)
    liquid (3.0.3)
    metastore (0.3.0)
    method_source (0.8.2)
    naught (1.0.0)
    pry (0.10.1)
      coderay (~> 1.1.0)
      method_source (~> 0.8.1)
      slop (~> 3.4)
    pry-byebug (3.1.0)
      byebug (~> 4.0)
      pry (~> 0.10)
    ruby-graphviz (1.2.2)
    semantic (1.4.1)
    slop (3.6.0)
    terminal-table (1.4.5)

PLATFORMS
  ruby

DEPENDENCIES
  percheron!
  pry-byebug
